GIT
  remote: git://github.com/rike422/lita-sendgrid-watch.git
  revision: 75ba23e63561304499be76c335eaee6e2d371549
  specs:
    lita-sendgrid-watch (0.0.1)
      lita (>= 4.2)
      nokogiri (>= 1.6.6.2)

GEM
  remote: https://rubygems.org/
  specs:
    addressable (2.3.6)
    eventmachine (1.0.6)
    faraday (0.9.1)
      multipart-post (>= 1.2, < 3)
    faye-websocket (0.9.2)
      eventmachine (>= 0.12.0)
      websocket-driver (>= 0.5.1)
    http_router (0.11.1)
      rack (>= 1.0.0)
      url_mount (~> 0.2.1)
    i18n (0.7.0)
    ice_nine (0.11.1)
    lita (4.2.0)
      bundler (>= 1.3)
      faraday (>= 0.8.7)
      http_router (>= 0.11.1)
      i18n (>= 0.6.9)
      ice_nine (>= 0.11.0)
      multi_json (>= 1.7.7)
      puma (>= 2.7.1)
      rack (>= 1.5.2)
      rb-readline (>= 0.5.1)
      redis-namespace (>= 1.3.0)
      thor (>= 0.18.1)
    lita-bitly (0.0.2)
      lita (>= 3.3)
    lita-confirmation (1.0.0)
      lita (>= 4.0)
    lita-dig (1.0.0)
      lita (>= 4.0)
      net-dns
    lita-github (0.1.0)
      lita (~> 4.0)
      lita-confirmation
      octokit (~> 3.3)
      rotp (~> 2.0)
    lita-slack (1.1.0)
      eventmachine
      faraday
      faye-websocket (>= 0.8.0)
      lita (>= 4.0.4)
      multi_json
    mini_portile (0.6.2)
    multi_json (1.10.1)
    multipart-post (2.0.0)
    net-dns (0.8.0)
    nokogiri (1.6.6.2)
      mini_portile (~> 0.6.0)
    octokit (3.7.0)
      sawyer (~> 0.6.0, >= 0.5.3)
    puma (2.11.0)
      rack (>= 1.1, < 2.0)
    rack (1.6.0)
    rb-readline (0.5.2)
    redis (3.2.0)
    redis-namespace (1.5.1)
      redis (~> 3.0, >= 3.0.4)
    rotp (2.1.0)
    sawyer (0.6.0)
      addressable (~> 2.3.5)
      faraday (~> 0.8, < 0.10)
    thor (0.19.1)
    url_mount (0.2.1)
      rack
    websocket-driver (0.5.1)
      websocket-extensions (>= 0.1.0)
    websocket-extensions (0.1.1)

PLATFORMS
  ruby

DEPENDENCIES
  lita
  lita-bitly
  lita-dig
  lita-github
  lita-sendgrid-watch!
  lita-slack
